GEM
  remote: https://rubygems.org/
  specs:
    kramdown (2.4.0)
      rexml
    kramdown-parser-gfm (1.1.0)
      kramdown (~> 2.0)
    rexml (3.2.5)

PLATFORMS
  x64-mingw32

DEPENDENCIES
  kramdown-parser-gfm (~> 1.1)

BUNDLED WITH
   2.4.6
